GEM
  remote: http://rubygems.org/
  specs:
    actionmailer (2.3.9)
      actionpack (= 2.3.9)
    actionpack (2.3.9)
      activesupport (= 2.3.9)
      rack (~> 1.1.0)
    activerecord (2.3.9)
      activesupport (= 2.3.9)
    activeresource (2.3.9)
      activesupport (= 2.3.9)
    activesupport (2.3.9)
    authlogic (2.1.3)
      activesupport
    cancan (1.1.1)
    compass (0.10.5)
      haml (>= 3.0.4)
    facebooker (1.0.75)
      json_pure (>= 1.0.0)
    gravtastic (2.2.0)
    haml (3.0.18)
    icalendar (1.1.5)
    jerryvos-authlogic_facebook_connect (1.0.2)
      authlogic
      facebooker
    json_pure (1.4.6)
    mysql (2.8.1)
    rack (1.1.0)
    rails (2.3.9)
      actionmailer (= 2.3.9)
      actionpack (= 2.3.9)
      activerecord (= 2.3.9)
      activeresource (= 2.3.9)
      activesupport (= 2.3.9)
      rake (>= 0.8.3)
    rake (0.8.7)

PLATFORMS
  ruby

DEPENDENCIES
  authlogic (= 2.1.3)
  cancan (= 1.1.1)
  compass (~> 0.10.5)
  facebooker (= 1.0.75)
  gravtastic (= 2.2.0)
  haml (~> 3.0.18)
  icalendar (= 1.1.5)
  jerryvos-authlogic_facebook_connect (= 1.0.2)
  mysql (>= 2.8.1)
  rails (~> 2.3.9)
